GEM
  remote: https://rubygems.org/
  specs:
    concurrent-ruby (1.2.0)
    dnsimple (8.1.0)
      httparty
    dotenv (2.8.1)
    httparty (0.21.0)
      mini_mime (>= 1.0.0)
      multi_xml (>= 0.5.2)
    i18n (1.12.0)
      concurrent-ruby (~> 1.0)
    mini_mime (1.1.2)
    money (6.16.0)
      i18n (>= 0.6.4, <= 2)
    multi_xml (0.6.0)

PLATFORMS
  arm64-darwin-21
  arm64-darwin-22

DEPENDENCIES
  dnsimple
  dotenv
  money

BUNDLED WITH
   2.4.6
